GEM
  remote: https://rubygems.org/
  specs:
    coderay (1.1.2)
    elasticsearch (6.0.2)
      elasticsearch-api (= 6.0.2)
      elasticsearch-transport (= 6.0.2)
    elasticsearch-api (6.0.2)
      multi_json
    elasticsearch-transport (6.0.2)
      faraday
      multi_json
    faraday (0.15.1)
      multipart-post (>= 1.2, < 3)
    fileutils (1.0.2)
    json (2.1.0)
    method_source (0.9.0)
    multi_json (1.13.1)
    multipart-post (2.0.0)
    pry (0.11.3)
      coderay (~> 1.1.0)
      method_source (~> 0.9.0)

PLATFORMS
  ruby

DEPENDENCIES
  elasticsearch
  fileutils
  json
  pry

BUNDLED WITH
   1.16.1
